GEM
  remote: https://rubygems.org/
  specs:
    cool.io (1.6.0)
    dig_rb (1.0.1)
    ffi (1.12.2)
    fluent-config-regexp-type (1.0.0)
      fluentd (> 1.0.0, < 2)
    fluent-plugin-concat (2.4.0)
      fluentd (>= 0.14.0, < 2)
    fluent-plugin-detect-exceptions (0.0.13)
      fluentd (>= 0.10)
    fluent-plugin-logzio (0.0.20)
      fluentd (>= 0.14.0, < 2)
      net-http-persistent (~> 2.9)
    fluent-plugin-multi-format-parser (1.0.0)
      fluentd (>= 0.14.0, < 2)
    fluent-plugin-rewrite-tag-filter (2.1.1)
      fluent-config-regexp-type
      fluentd (>= 0.14.2, < 2)
    fluentd (1.4.2)
      cool.io (>= 1.4.5, < 2.0.0)
      dig_rb (~> 1.0.0)
      http_parser.rb (>= 0.5.1, < 0.7.0)
      msgpack (>= 0.7.0, < 2.0.0)
      serverengine (>= 2.0.4, < 3.0.0)
      sigdump (~> 0.2.2)
      strptime (>= 0.2.2, < 1.0.0)
      tzinfo (~> 1.0)
      tzinfo-data (~> 1.0)
      yajl-ruby (~> 1.0)
    http_parser.rb (0.6.0)
    msgpack (1.3.3)
    net-http-persistent (2.9.4)
    oj (3.5.1)
    serverengine (2.2.1)
      sigdump (~> 0.2.2)
    sigdump (0.2.4)
    strptime (0.2.3)
    thread_safe (0.3.6)
    tzinfo (1.2.6)
      thread_safe (~> 0.1)
    tzinfo-data (1.2019.3)
      tzinfo (>= 1.0.0)
    yajl-ruby (1.4.1)

PLATFORMS
  ruby

DEPENDENCIES
  ffi
  fluent-plugin-concat (~> 2.4.0)
  fluent-plugin-detect-exceptions (~> 0.0.13)
  fluent-plugin-logzio (~> 0.0.20)
  fluent-plugin-multi-format-parser (~> 1.0.0)
  fluent-plugin-rewrite-tag-filter (~> 2.1.0)
  fluentd (= 1.4.2)
  oj (= 3.5.1)

BUNDLED WITH
   1.17.2
